PATH
  remote: .
  specs:
    ruby-usdt (0.1.0)
      json (> 0.0.0)

GEM
  remote: http://rubygems.org/
  specs:
    diff-lcs (1.1.3)
    flexmock (1.2.0)
    json (1.7.5)
    rake (10.0.2)
    rspec (2.11.0)
      rspec-core (~> 2.11.0)
      rspec-expectations (~> 2.11.0)
      rspec-mocks (~> 2.11.0)
    rspec-core (2.11.1)
    rspec-expectations (2.11.3)
      diff-lcs (~> 1.1.3)
    rspec-mocks (2.11.3)
    ruby-dtrace-consumer (0.3.0)

PLATFORMS
  ruby

DEPENDENCIES
  flexmock
  rake
  rspec
  ruby-dtrace-consumer (~> 0.3.0)
  ruby-usdt!
