PATH
  remote: .
  specs:
    ruby-usdt (0.0.4)
      json (> 0.0.0)

GEM
  remote: http://rubygems.org/
  specs:
    json (1.7.5)

PLATFORMS
  ruby

DEPENDENCIES
  ruby-usdt!
